GIT
  remote: https://github.com/kshahkshah/Mail2FrontMatter.git
  revision: c0954fd5a8da82084a4dc2bc95dfb2433440a5e6
  specs:
    mail2frontmatter (0.1.2)
      activesupport (~> 4)
      mailman (~> 0.7.3)
      nokogiri (~> 1.6)
      rugged (~> 0.21)

GIT
  remote: https://github.com/kshahkshah/m2fm-automatic-clowncar.git
  revision: e6f3c5d80f177bd97feea1832047cccfca637762
  specs:
    m2fm-automatic-clowncar (0.0.1)
      mail2frontmatter

GIT
  remote: https://github.com/kshahkshah/m2fm-automatic-embeds.git
  revision: 15aca5da0faa1bdf9e4c359800bc2fdeac5ed3fd
  specs:
    m2fm-automatic-embeds (0.1.0)
      auto_html-whistlerbrk (= 2.0.0.pre)
      mail2frontmatter (~> 0.1.0)

GIT
  remote: https://github.com/kshahkshah/m2fm-autotag-subject.git
  revision: 01104490d4e6308ed50d27e5d7a0316083e690b9
  specs:
    m2fm-autotag-subject (0.0.1)
      mail2frontmatter

GIT
  remote: https://github.com/kshahkshah/middleman-automatic-clowncar.git
  revision: 96ab55682823997b6109964677d52f010e72fda6
  specs:
    middleman-automatic-clowncar (0.0.4)
      fastimage (~> 1.6.0)
      middleman-core (> 3.2.2)
      middleman-sprockets (> 3.2.0)
      mini_magick (~> 3.7.0)
      sass (~> 3.4.0)

GIT
  remote: https://github.com/kshahkshah/middleman-meta-tags.git
  revision: 111139e445fa19077015319239af2caaa94065d5
  specs:
    middleman-meta-tags (0.1.0)
      middleman-core (>= 3.0.0)

GEM
  remote: https://rubygems.org/
  specs:
    activesupport (4.1.16)
      i18n (~> 0.6, >= 0.6.9)
      json (~> 1.7, >= 1.7.7)
      minitest (~> 5.1)
      thread_safe (~> 0.1)
      tzinfo (~> 1.1)
    addressable (2.3.8)
    auto_html-whistlerbrk (2.0.0.pre)
      redcarpet (~> 3.1)
      rinku (~> 1.7)
    builder (3.2.4)
    celluloid (0.16.0)
      timers (~> 4.0.0)
    chunky_png (1.4.0)
    coderay (1.1.3)
    coffee-script (2.4.1)
      coffee-script-source
      execjs
    coffee-script-source (1.12.2)
    compass (1.0.3)
      chunky_png (~> 1.2)
      compass-core (~> 1.0.2)
      compass-import-once (~> 1.0.5)
      rb-fsevent (>= 0.9.3)
      rb-inotify (>= 0.9)
      sass (>= 3.3.13, < 3.5)
    compass-core (1.0.3)
      multi_json (~> 1.0)
      sass (>= 3.3.0, < 3.5)
    compass-import-once (1.0.5)
      sass (>= 3.2, < 3.5)
    erubis (2.7.0)
    execjs (2.8.1)
    fastimage (1.6.8)
      addressable (~> 2.3, >= 2.3.5)
    ffi (1.15.5)
    formatador (1.1.0)
    guard (2.18.0)
      formatador (>= 0.2.4)
      listen (>= 2.7, < 4.0)
      lumberjack (>= 1.0.12, < 2.0)
      nenv (~> 0.1)
      notiffany (~> 0.0)
      pry (>= 0.13.0)
      shellany (~> 0.0)
      thor (>= 0.18.1)
    guard-compat (1.2.1)
    guard-middleman (0.5.0)
      guard (>= 1.4.0)
      guard-compat (~> 1.1)
      middleman (>= 3.0.0)
    haml (5.2.2)
      temple (>= 0.8.0)
      tilt
    hike (1.2.3)
    hitimes (2.0.0)
    hooks (0.4.1)
      uber (~> 0.0.14)
    i18n (0.7.0)
    json (1.8.6)
    kramdown (1.17.0)
    listen (2.10.1)
      celluloid (~> 0.16.0)
      rb-fsevent (>= 0.9.3)
      rb-inotify (>= 0.9)
    lumberjack (1.2.8)
    mail (2.7.1)
      mini_mime (>= 0.1.1)
    maildir (2.2.3)
    mailman (0.7.3)
      activesupport (>= 2.3.4)
      i18n (>= 0.4.1)
      listen (~> 2.2)
      mail (>= 2.0.3)
      maildir (>= 0.5.0)
    method_source (1.0.0)
    middleman (3.3.12)
      coffee-script (~> 2.2)
      compass (>= 1.0.0, < 2.0.0)
      compass-import-once (= 1.0.5)
      execjs (~> 2.0)
      haml (>= 4.0.5)
      kramdown (~> 1.2)
      middleman-core (= 3.3.12)
      middleman-sprockets (>= 3.1.2)
      sass (>= 3.4.0, < 4.0)
      uglifier (~> 2.5)
    middleman-blog (3.5.3)
      addressable (~> 2.3.5)
      middleman-core (~> 3.2)
      tzinfo (>= 0.3.0)
    middleman-core (3.3.12)
      activesupport (~> 4.1.0)
      bundler (~> 1.1)
      erubis
      hooks (~> 0.3)
      i18n (~> 0.7.0)
      listen (>= 2.7.9, < 3.0)
      padrino-helpers (~> 0.12.3)
      rack (>= 1.4.5, < 2.0)
      rack-test (~> 0.6.2)
      thor (>= 0.15.2, < 2.0)
      tilt (~> 1.4.1, < 2.0)
    middleman-search_engine_sitemap (1.3.0)
      builder
      middleman-core (~> 3.2)
    middleman-sprockets (3.5.0)
      middleman-core (>= 3.3)
      sprockets (~> 2.12.1)
      sprockets-helpers (~> 1.1.0)
      sprockets-sass (~> 1.3.0)
    middleman-syntax (3.2.0)
      middleman-core (>= 3.2)
      rouge (~> 3.2)
    mini_magick (3.7.0)
      subexec (~> 0.2.1)
    mini_mime (1.1.2)
    mini_portile2 (2.4.0)
    minitest (5.15.0)
    multi_json (1.15.0)
    nenv (0.3.0)
    nokogiri (1.10.10)
      mini_portile2 (~> 2.4.0)
    notiffany (0.1.3)
      nenv (~> 0.1)
      shellany (~> 0.0)
    padrino-helpers (0.12.9)
      i18n (~> 0.6, >= 0.6.7)
      padrino-support (= 0.12.9)
      tilt (>= 1.4.1, < 3)
    padrino-support (0.12.9)
      activesupport (>= 3.1)
    pry (0.14.1)
      coderay (~> 1.1)
      method_source (~> 1.0)
    rack (1.6.13)
    rack-test (0.6.3)
      rack (>= 1.0)
    rb-fsevent (0.11.1)
    rb-inotify (0.10.1)
      ffi (~> 1.0)
    redcarpet (3.5.1)
    rinku (1.7.3)
    rouge (3.30.0)
    rugged (0.99.0)
    sass (3.4.25)
    shellany (0.0.1)
    sprockets (2.12.5)
      hike (~> 1.2)
      multi_json (~> 1.0)
      rack (~> 1.0)
      tilt (~> 1.1, != 1.3.0)
    sprockets-helpers (1.1.0)
      sprockets (~> 2.0)
    sprockets-sass (1.3.1)
      sprockets (~> 2.0)
      tilt (~> 1.1)
    subexec (0.2.3)
    temple (0.8.2)
    thor (1.2.1)
    thread_safe (0.3.6)
    tilt (1.4.1)
    timers (4.0.4)
      hitimes
    tzinfo (1.2.10)
      thread_safe (~> 0.1)
    uber (0.0.15)
    uglifier (2.7.2)
      execjs (>= 0.3.0)
      json (>= 1.8.0)

PLATFORMS
  ruby

DEPENDENCIES
  builder
  guard
  guard-middleman
  m2fm-automatic-clowncar!
  m2fm-automatic-embeds!
  m2fm-autotag-subject!
  mail2frontmatter!
  middleman
  middleman-automatic-clowncar!
  middleman-blog
  middleman-meta-tags!
  middleman-search_engine_sitemap
  middleman-syntax
  nokogiri
  pry
  redcarpet
  rouge
  rugged

BUNDLED WITH
   1.15.3
